GEM
  remote: https://rubygems.org/
  specs:
    anyway_config (2.1.0)
      ruby-next-core (>= 0.11.0)
    imgproxy (2.0.0)
      anyway_config (>= 2.0.0)
    ruby-next-core (0.12.0)

PLATFORMS
  x86_64-linux

DEPENDENCIES
  imgproxy

BUNDLED WITH
   2.2.16
